GEM
  remote: https://rubygems.org/
  specs:
    daemons (1.1.9)
    eventmachine (1.0.3)
    git (1.2.6)
    logger (1.2.8)
    rack (1.5.2)
    rack-test (0.6.2)
      rack (>= 1.0)
    redcarpet (3.1.2)
    sass (3.3.7)
    shotgun (0.9)
      rack (>= 1.0)
    sinatra (1.0)
      rack (>= 1.0)
    thin (1.6.2)
      daemons (>= 1.0.9)
      eventmachine (>= 1.0.0)
      rack (>= 1.0.0)
    tilt (2.0.1)

PLATFORMS
  ruby

DEPENDENCIES
  git
  logger
  rack-test
  redcarpet
  sass
  shotgun
  sinatra
  thin
  tilt
