GEM
  remote: http://rubygems.org/
  specs:
    addressable (2.3.4)
    commonjs (0.2.6)
    excon (0.20.1)
    git (1.2.5)
    github-markup (0.7.5)
    heroku (2.37.2)
      heroku-api (~> 0.3.7)
      launchy (>= 0.3.2)
      netrc (~> 0.7.7)
      rest-client (~> 1.6.1)
      rubyzip
    heroku-api (0.3.9)
      excon (~> 0.20.1)
    launchy (2.3.0)
      addressable (~> 2.3)
    less (2.3.2)
      commonjs (~> 0.2.6)
    libv8 (3.16.14.1)
    mime-types (1.22)
    netrc (0.7.7)
    rack (1.5.2)
    rack-protection (1.5.0)
      rack
    rack-test (0.6.2)
      rack (>= 1.0)
    rdiscount (2.0.7.2)
    ref (1.0.4)
    rest-client (1.6.7)
      mime-types (>= 1.16)
    rubyzip (0.9.9)
    sinatra (1.4.2)
      rack (~> 1.5, >= 1.5.2)
      rack-protection (~> 1.4)
      tilt (~> 1.3, >= 1.3.4)
    therubyracer (0.11.0)
      ref
    tilt (1.3.7)

PLATFORMS
  ruby

DEPENDENCIES
  git
  github-markup
  heroku
  less
  libv8 (~> 3.11)
  rack-test
  rdiscount
  sinatra
  therubyracer
